GEM
  remote: https://rubygems.org/
  specs:
    activesupport (5.0.0.1)
      concurrent-ruby (~> 1.0, >= 1.0.2)
      i18n (~> 0.7)
      minitest (~> 5.1)
      tzinfo (~> 1.1)
    aws-sdk (2.6.36)
      aws-sdk-resources (= 2.6.36)
    aws-sdk-core (2.6.36)
      aws-sigv4 (~> 1.0)
      jmespath (~> 1.0)
    aws-sdk-resources (2.6.36)
      aws-sdk-core (= 2.6.36)
    aws-sigv4 (1.0.0)
    commander (4.4.1)
      highline (~> 1.7.2)
    concurrent-ruby (1.0.2)
    daemons (1.2.4)
    highline (1.7.8)
    i18n (0.7.0)
    jmespath (1.3.1)
    minitest (5.10.1)
    redis (3.3.2)
    thread_safe (0.3.5)
    tzinfo (1.2.2)
      thread_safe (~> 0.1)

PLATFORMS
  ruby

DEPENDENCIES
  activesupport
  aws-sdk
  commander
  daemons
  redis

BUNDLED WITH
   1.13.6
